PATH
  remote: .
  specs:
    lieu (1.0.2)
      faraday (~> 0.8.8)
      faraday_middleware (~> 0.9.0)
      hashie (~> 2.0.5)
      json (~> 1.8.0)
      multi_json (~> 1.8.0)

GEM
  remote: https://rubygems.org/
  specs:
    addressable (2.3.5)
    cane (2.6.0)
      parallel
    coderay (1.0.9)
    coveralls (0.7.0)
      multi_json (~> 1.3)
      rest-client
      simplecov (>= 0.7)
      term-ansicolor
      thor
    crack (0.4.1)
      safe_yaml (~> 0.9.0)
    diff-lcs (1.2.4)
    faraday (0.8.8)
      multipart-post (~> 1.2.0)
    faraday_middleware (0.9.0)
      faraday (>= 0.7.4, < 0.9)
    hashie (2.0.5)
    json (1.8.0)
    method_source (0.8.2)
    mime-types (1.25)
    multi_json (1.8.0)
    multipart-post (1.2.0)
    parallel (0.8.0)
    pry (0.9.12.2)
      coderay (~> 1.0.5)
      method_source (~> 0.8)
      slop (~> 3.4)
    rake (10.1.0)
    rest-client (1.6.7)
      mime-types (>= 1.16)
    rspec (2.14.1)
      rspec-core (~> 2.14.0)
      rspec-expectations (~> 2.14.0)
      rspec-mocks (~> 2.14.0)
    rspec-core (2.14.5)
    rspec-expectations (2.14.2)
      diff-lcs (>= 1.1.3, < 2.0)
    rspec-mocks (2.14.3)
    safe_yaml (0.9.7)
    simplecov (0.7.1)
      multi_json (~> 1.0)
      simplecov-html (~> 0.7.1)
    simplecov-html (0.7.1)
    slop (3.4.6)
    term-ansicolor (1.2.2)
      tins (~> 0.8)
    thor (0.18.1)
    tins (0.11.0)
    vcr (2.5.0)
    webmock (1.8.0)
      addressable (>= 2.2.7)
      crack (>= 0.1.7)
    yard (0.8.7.2)

PLATFORMS
  ruby

DEPENDENCIES
  bundler (~> 1.0)
  cane
  coveralls
  lieu!
  pry
  rake
  rspec
  simplecov
  vcr
  webmock
  yard
